GEM
  remote: https://rubygems.org/
  specs:
    highline (1.7.8)
    httparty (0.14.0)
      multi_xml (>= 0.5.2)
    json (2.0.3)
    mime-types (3.1)
      mime-types-data (~> 3.2015)
    mime-types-data (3.2016.0521)
    multi_xml (0.6.0)
    oauth (0.5.1)
    rack (1.6.5)
    rack-protection (1.5.3)
      rack
    redis (3.3.3)
    sinatra (1.4.8)
      rack (~> 1.5)
      rack-protection (~> 1.4)
      tilt (>= 1.3, < 3)
    tilt (2.0.7)
    twitter_oauth (0.4.94)
      json (>= 1.8.0)
      mime-types (>= 1.16)
      oauth (>= 0.4.7)

PLATFORMS
  ruby

DEPENDENCIES
  highline
  httparty
  json
  rack
  redis (~> 3.2)
  sinatra
  twitter_oauth

RUBY VERSION
   ruby 2.4.1p111

BUNDLED WITH
   1.14.6
